GEM
  remote: http://rubygems.org/
  specs:
    activemodel (3.0.4)
      activesupport (= 3.0.4)
      builder (~> 2.1.2)
      i18n (~> 0.4)
    activeresource (3.0.4)
      activemodel (= 3.0.4)
      activesupport (= 3.0.4)
    activesupport (3.0.4)
    builder (2.1.2)
    httpclient (2.1.6.1)
    i18n (0.5.0)
    minglr (1.3.11)
      activeresource (>= 2.3.0)
      activesupport (>= 2.3.0)
      httpclient
    nokogiri (1.4.4)

PLATFORMS
  ruby

DEPENDENCIES
  minglr
  nokogiri
