GEM
  remote: http://rubygems.org/
  specs:
    activemodel (3.0.4)
      activesupport (= 3.0.4)
      builder (~> 2.1.2)
      i18n (~> 0.4)
    activeresource (3.0.4)
      activemodel (= 3.0.4)
      activesupport (= 3.0.4)
    activesupport (3.0.4)
    builder (2.1.2)
    cucumber (0.10.0)
      builder (>= 2.1.2)
      diff-lcs (~> 1.1.2)
      gherkin (~> 2.3.2)
      json (~> 1.4.6)
      term-ansicolor (~> 1.0.5)
    diff-lcs (1.1.2)
    gherkin (2.3.3)
      json (~> 1.4.6)
    git (1.2.5)
    httpclient (2.1.6.1)
    i18n (0.5.0)
    jeweler (1.5.2)
      bundler (~> 1.0.0)
      git (>= 1.2.5)
      rake
    json (1.4.6)
    mocha (0.9.12)
    rake (0.8.7)
    rcov (0.9.9)
    shoulda (2.11.3)
    term-ansicolor (1.0.5)

PLATFORMS
  ruby

DEPENDENCIES
  activeresource
  cucumber
  httpclient
  jeweler
  mocha
  rcov
  shoulda
